PATH
  remote: .
  specs:
    zt_admin (2.12.1)

GEM
  remote: https://rubygems.org/
  specs:
    minitest (5.14.2)
    rake (13.0.1)

PLATFORMS
  ruby

DEPENDENCIES
  minitest
  rake
  zt_admin!

BUNDLED WITH
   2.1.4
